GEM
  remote: https://rubygems.org/
  specs:
    minitest (5.20.0)

PLATFORMS
  x86_64-linux-musl

DEPENDENCIES
  minitest

BUNDLED WITH
   2.4.21
